PATH
  remote: .
  specs:
    attrtastic (0.3.0)
      actionpack (~> 3.0.0)
      activesupport (~> 3.0.0)

GEM
  remote: http://rubygems.org/
  specs:
    abstract (1.0.0)
    actionpack (3.0.3)
      activemodel (= 3.0.3)
      activesupport (= 3.0.3)
      builder (~> 2.1.2)
      erubis (~> 2.6.6)
      i18n (~> 0.4)
      rack (~> 1.2.1)
      rack-mount (~> 0.6.13)
      rack-test (~> 0.5.6)
      tzinfo (~> 0.3.23)
    activemodel (3.0.3)
      activesupport (= 3.0.3)
      builder (~> 2.1.2)
      i18n (~> 0.4)
    activesupport (3.0.3)
    bluecloth (2.0.9)
    builder (2.1.2)
    erubis (2.6.6)
      abstract (>= 1.0.0)
    i18n (0.5.0)
    rack (1.2.1)
    rack-mount (0.6.13)
      rack (>= 1.0.0)
    rack-test (0.5.6)
      rack (>= 1.0)
    shoulda (2.11.3)
    tzinfo (0.3.23)
    yard (0.6.3)

PLATFORMS
  ruby

DEPENDENCIES
  actionpack (~> 3.0.0)
  activesupport (~> 3.0.0)
  attrtastic!
  bluecloth (~> 2.0.0)
  shoulda (~> 2.11.0)
  yard (~> 0.6.0)
